PATH
  remote: .
  specs:
    rtsp_test_suite (0.0.1a)
      parslet (>= 1.1.0)
      rtp (>= 0.1.3)
      rtsp (>= 0.4.4a)
      sdp (~> 0.2.6)
      version (~> 1)

GEM
  remote: http://rubygems.org/
  specs:
    bindata (1.5.0)
    blankslate (2.1.2.4)
    builder (3.0.4)
    cucumber (1.3.2)
      builder (>= 2.1.2)
      diff-lcs (>= 1.1.3)
      gherkin (~> 2.12.0)
      multi_json (~> 1.3)
    diff-lcs (1.2.4)
    gherkin (2.12.0)
      multi_json (~> 1.3)
    log_switch (0.4.0)
    multi_json (1.7.7)
    parslet (1.5.0)
      blankslate (~> 2.0)
    rake (10.1.0)
    rspec (2.13.0)
      rspec-core (~> 2.13.0)
      rspec-expectations (~> 2.13.0)
      rspec-mocks (~> 2.13.0)
    rspec-core (2.13.1)
    rspec-expectations (2.13.0)
      diff-lcs (>= 1.1.3, < 2.0)
    rspec-mocks (2.13.1)
    rtp (0.1.5)
      bindata (~> 1.4)
      log_switch (>= 0.4.0)
    rtsp (0.4.4a)
      parslet (>= 1.1.0)
      rtp (>= 0.1.3)
      sdp (~> 0.2.6)
      version (~> 1)
    sdp (0.2.9)
      parslet (>= 1.1.0)
    simplecov (0.7.1)
      multi_json (~> 1.0)
      simplecov-html (~> 0.7.1)
    simplecov-html (0.7.1)
    thor (0.18.1)
    version (1.1.0a)
    yard (0.8.6.1)

PLATFORMS
  ruby

DEPENDENCIES
  bundler
  cucumber (>= 1.1.0)
  rake (>= 0.8.7)
  rspec (>= 2.5.0)
  rtsp (>= 0.4.4a)
  rtsp_test_suite!
  simplecov (>= 0.4.0)
  thor
  version (~> 1)
  yard (>= 0.6.0)
